GEM
  remote: https://rubygems.org/
  specs:
    mini_portile2 (2.8.1)
    nokogiri (1.14.0)
      mini_portile2 (~> 2.8.0)
      racc (~> 1.4)
    racc (1.6.2)
    rubyzip (2.3.2)
    sort_kana_jisx4061 (0.3.0)

PLATFORMS
  ruby

DEPENDENCIES
  nokogiri
  rubyzip
  sort_kana_jisx4061

BUNDLED WITH
   2.1.4
