GEM
  remote: https://rubygems.org/
  specs:
    mini_portile2 (2.5.3)
    nokogiri (1.11.7)
      mini_portile2 (~> 2.5.0)
      racc (~> 1.4)
    racc (1.5.2)
    rubyzip (2.3.2)
    sort_kana_jisx4061 (0.3.0)

PLATFORMS
  ruby

DEPENDENCIES
  nokogiri
  rubyzip
  sort_kana_jisx4061

BUNDLED WITH
   2.1.4
